PATH
  remote: .
  specs:
    houston-slack (0.0.1)
      slacks

GEM
  remote: https://rubygems.org/
  specs:
    actionmailer (4.1.13)
      actionpack (= 4.1.13)
      actionview (= 4.1.13)
      mail (~> 2.5, >= 2.5.4)
    actionpack (4.1.13)
      actionview (= 4.1.13)
      activesupport (= 4.1.13)
      rack (~> 1.5.2)
      rack-test (~> 0.6.2)
    actionview (4.1.13)
      activesupport (= 4.1.13)
      builder (~> 3.1)
      erubis (~> 2.7.0)
    activemodel (4.1.13)
      activesupport (= 4.1.13)
      builder (~> 3.1)
    activerecord (4.1.13)
      activemodel (= 4.1.13)
      activesupport (= 4.1.13)
      arel (~> 5.0.0)
    activerecord-import (0.10.0)
      activerecord (>= 3.0)
    activerecord-pluck_in_batches (0.1.0)
      activerecord
    activesupport (4.1.13)
      i18n (~> 0.6, >= 0.6.9)
      json (~> 1.7, >= 1.7.7)
      minitest (~> 5.1)
      thread_safe (~> 0.1)
      tzinfo (~> 1.1)
    addressable (2.3.8)
    ansi (1.5.0)
    arel (5.0.1.20140414130214)
    backbone-rails (1.0.0.1)
      rails (>= 3.0.0)
    bcrypt (3.1.10)
    bcrypt-ruby (3.1.5)
      bcrypt (>= 3.1.3)
    boblail-unfuddle (0.7.0)
      activesupport
      builder
      faraday (~> 0.8.8)
    builder (3.2.2)
    cancan (1.6.10)
    capybara (2.5.0)
      mime-types (>= 1.16)
      nokogiri (>= 1.3.3)
      rack (>= 1.0.0)
      rack-test (>= 0.5.4)
      xpath (~> 2.0)
    chronic (0.10.2)
    codeclimate-test-reporter (0.4.1)
      simplecov (>= 0.7.1, < 1.0.0)
    coderay (1.1.0)
    coffee-rails (4.0.1)
      coffee-script (>= 2.2.0)
      railties (>= 4.0.0, < 5.0)
    coffee-script (2.4.1)
      coffee-script-source
      execjs
    coffee-script-source (1.9.1.1)
    css_parser (1.3.7)
      addressable
    default_value_for (3.0.0.1)
      activerecord (>= 3.2.0, < 5.0)
    devise (3.0.4)
      bcrypt-ruby (~> 3.0)
      orm_adapter (~> 0.1)
      railties (>= 3.2.6, < 5)
      warden (~> 1.2.3)
    devise_invitable (1.2.1)
      actionmailer (>= 3.2.6, < 5)
      devise (~> 3.0.0)
    docile (1.1.5)
    domain_name (0.5.25)
      unf (>= 0.0.5, < 1.0.0)
    engineyard (3.2.1)
      engineyard-cloud-client (~> 2.1)
      engineyard-serverside-adapter (~> 2.2)
      escape (~> 0.0.4)
      highline (~> 1.6.1)
      launchy (~> 2.1)
      net-ssh (~> 2.7)
    engineyard-cloud-client (2.1.1)
      multi_json (~> 1.6)
      rest-client (~> 1.7)
    engineyard-serverside-adapter (2.4.0)
      escape (~> 0.0.4)
      multi_json (~> 1.6)
    erubis (2.7.0)
    escape (0.0.4)
    execjs (2.6.0)
    faraday (0.8.11)
      multipart-post (~> 1.2.0)
    faraday-http-cache (1.2.2)
      faraday (~> 0.8)
    faraday-raise-errors (0.2.0)
      faraday
    gemoji (2.1.0)
    googlecharts (1.6.12)
    handlebars_assets (0.18)
      execjs (>= 1.2.9)
      multi_json
      sprockets (>= 2.0.3)
      tilt
    highline (1.6.21)
    hike (1.2.3)
    houston-core (0.5.3)
      activerecord-import
      activerecord-pluck_in_batches
      addressable
      backbone-rails (~> 1.0.0)
      boblail-unfuddle
      bundler
      cancan (~> 1.6.10)
      codeclimate-test-reporter (= 0.4.1)
      coffee-rails (~> 4.0.0)
      default_value_for (= 3.0.0.1)
      devise (~> 3.0.0)
      devise_invitable (~> 1.2.1)
      engineyard (~> 3.2.1)
      faraday (~> 0.8.10)
      faraday-http-cache (~> 1.2.2)
      faraday-raise-errors (~> 0.2.0)
      gemoji (~> 2.1.0)
      googlecharts (~> 1.6.12)
      handlebars_assets (~> 0.18.0)
      houston-devise_ldap_authenticatable
      houston-oauth-plugin
      houston-vestal_versions
      hpricot (~> 0.8.6)
      neat-rails
      nested_editor_for
      nokogiri (~> 1.6.6.2)
      octokit (~> 4.1.0)
      oj (~> 2.12.14)
      openxml-xlsx
      pg (~> 0.18.3)
      pg_search (~> 1.0.5)
      premailer (~> 1.8.6)
      progressbar
      rack-utf8_sanitizer (~> 1.3.1)
      rails (~> 4.1.13)
      redcarpet (~> 3.3.2)
      rufus-scheduler (~> 3.1.7)
      rugged (~> 0.23.2)
      sass-rails (~> 4.0.0)
      simplecov (~> 0.9.1)
      sprockets (~> 2.8)
      strongbox (~> 0.7.2)
      sugar-rails
      thor
      thread_safe (~> 0.3.5)
      uglifier (>= 1.3.0)
      whenever (= 0.9.2)
    houston-devise_ldap_authenticatable (0.7.0)
      devise (~> 3.0.0)
      net-ldap (~> 0.2)
    houston-oauth-plugin (0.5.1)
      multi_json
      oauth (~> 0.4.4)
      oauth2 (>= 0.5.0)
      rack
    houston-vestal_versions (2.0.0)
      activerecord (>= 3, < 5)
      activesupport (>= 3, < 5)
    hpricot (0.8.6)
    htmlentities (4.3.4)
    http-cookie (1.0.2)
      domain_name (~> 0.5)
    i18n (0.7.0)
    json (1.8.3)
    jwt (1.5.1)
    launchy (2.4.3)
      addressable (~> 2.3)
    mail (2.6.3)
      mime-types (>= 1.16, < 3)
    method_source (0.8.2)
    mime-types (2.6.2)
    mini_portile (0.6.2)
    minitest (5.8.1)
    minitest-reporters (1.1.4)
      ansi
      builder
      minitest (>= 5.0)
      ruby-progressbar
    minitest-reporters-turn_reporter (0.1.0)
      minitest-reporters
    multi_json (1.11.2)
    multi_xml (0.5.5)
    multipart-post (1.2.0)
    neat-rails (0.1.0)
    nested_editor_for (0.1.0)
    net-ldap (0.11)
    net-ssh (2.9.2)
    netrc (0.10.3)
    nokogiri (1.6.6.2)
      mini_portile (~> 0.6.0)
    oauth (0.4.7)
    oauth2 (1.0.0)
      faraday (>= 0.8, < 0.10)
      jwt (~> 1.0)
      multi_json (~> 1.3)
      multi_xml (~> 0.5)
      rack (~> 1.2)
    octokit (4.1.1)
      sawyer (~> 0.6.0, >= 0.5.3)
    oj (2.12.14)
    open_xml_package (0.1.0)
      nokogiri
      rubyzip (~> 1.1.0)
    openxml-xlsx (0.1.1)
      nokogiri
      open_xml_package (= 0.1.0)
    orm_adapter (0.5.0)
    pg (0.18.3)
    pg_search (1.0.5)
      activerecord (>= 3.1)
      activesupport (>= 3.1)
      arel
    premailer (1.8.6)
      css_parser (>= 1.3.6)
      htmlentities (>= 4.0.0)
    progressbar (0.21.0)
    pry (0.10.3)
      coderay (~> 1.1.0)
      method_source (~> 0.8.1)
      slop (~> 3.4)
    rack (1.5.5)
    rack-test (0.6.3)
      rack (>= 1.0)
    rack-utf8_sanitizer (1.3.1)
      rack (~> 1.0)
    rails (4.1.13)
      actionmailer (= 4.1.13)
      actionpack (= 4.1.13)
      actionview (= 4.1.13)
      activemodel (= 4.1.13)
      activerecord (= 4.1.13)
      activesupport (= 4.1.13)
      bundler (>= 1.3.0, < 2.0)
      railties (= 4.1.13)
      sprockets-rails (~> 2.0)
    railties (4.1.13)
      actionpack (= 4.1.13)
      activesupport (= 4.1.13)
      rake (>= 0.8.7)
      thor (>= 0.18.1, < 2.0)
    rake (10.4.2)
    redcarpet (3.3.3)
    rest-client (1.8.0)
      http-cookie (>= 1.0.2, < 2.0)
      mime-types (>= 1.16, < 3.0)
      netrc (~> 0.7)
    rr (1.1.2)
    ruby-progressbar (1.7.5)
    rubyzip (1.1.7)
    rufus-scheduler (3.1.7)
    rugged (0.23.3)
    sass (3.2.19)
    sass-rails (4.0.5)
      railties (>= 4.0.0, < 5.0)
      sass (~> 3.2.2)
      sprockets (~> 2.8, < 3.0)
      sprockets-rails (~> 2.0)
    sawyer (0.6.0)
      addressable (~> 2.3.5)
      faraday (~> 0.8, < 0.10)
    shoulda-context (1.2.1)
    simplecov (0.9.2)
      docile (~> 1.1.0)
      multi_json (~> 1.0)
      simplecov-html (~> 0.9.0)
    simplecov-html (0.9.0)
    slacks (0.0.1)
      faraday
      faraday-raise-errors
      multi_json
      thread_safe
      websocket-driver
    slop (3.6.0)
    sprockets (2.12.4)
      hike (~> 1.2)
      multi_json (~> 1.0)
      rack (~> 1.0)
      tilt (~> 1.1, != 1.3.0)
    sprockets-rails (2.3.3)
      actionpack (>= 3.0)
      activesupport (>= 3.0)
      sprockets (>= 2.8, < 4.0)
    strongbox (0.7.2)
      activerecord
    sugar-rails (1.4.1)
      railties (>= 3.0.0)
    thor (0.19.1)
    thread_safe (0.3.5)
    tilt (1.4.1)
    tzinfo (1.2.2)
      thread_safe (~> 0.1)
    uglifier (2.7.2)
      execjs (>= 0.3.0)
      json (>= 1.8.0)
    unf (0.1.4)
      unf_ext
    unf_ext (0.0.7.1)
    warden (1.2.3)
      rack (>= 1.0)
    websocket-driver (0.6.3)
      websocket-extensions (>= 0.1.0)
    websocket-extensions (0.1.2)
    whenever (0.9.2)
      activesupport (>= 2.3.4)
      chronic (>= 0.6.3)
    xpath (2.0.0)
      nokogiri (~> 1.3)

PLATFORMS
  ruby

DEPENDENCIES
  bundler (~> 1.10.6)
  capybara
  houston-core (>= 0.5.3)
  houston-slack!
  minitest
  minitest-reporters
  minitest-reporters-turn_reporter
  pry
  rake (~> 10.0)
  rr
  shoulda-context

BUNDLED WITH
   1.10.6
